GIT
  remote: https://github.com/HomeBusProjects/ruby-homebus
  revision: 400534a58fab1b9537002aa9620e9afc77df8f08
  branch: main
  specs:
    homebus (0.40.0)
      paho-mqtt (~> 1.0.12)

PATH
  remote: .
  specs:
    homebus-lunar-phase (0.0.1)

GEM
  remote: https://rubygems.org/
  specs:
    astro_moon (0.2)
    dotenv (2.8.1)
    paho-mqtt (1.0.12)

PLATFORMS
  arm64-darwin-21

DEPENDENCIES
  astro_moon
  dotenv
  homebus!
  homebus-lunar-phase!

BUNDLED WITH
   2.3.21
